GEM
  remote: http://rubygems.org/
  specs:
    bson (1.5.2)
    bson_ext (1.5.2)
      bson (= 1.5.2)
    haml (3.1.4)
    mongo (1.5.2)
      bson (= 1.5.2)
    rack (1.4.1)
    rack-protection (1.2.0)
      rack
    sinatra (1.3.2)
      rack (~> 1.3, >= 1.3.6)
      rack-protection (~> 1.2)
      tilt (~> 1.3, >= 1.3.3)
    tilt (1.3.3)
    treyconnell-ruby-aaws (0.8.1)

PLATFORMS
  ruby

DEPENDENCIES
  bson_ext
  haml
  mongo
  sinatra
  treyconnell-ruby-aaws
